PATH
  remote: .
  specs:
    awscli (0.0.3)
      fog (>= 1.10.0)
      highline
      thor (>= 0.17.0)

GEM
  remote: https://rubygems.org/
  specs:
    aruba (0.5.1)
      childprocess (~> 0.3.6)
      cucumber (>= 1.1.1)
      rspec-expectations (>= 2.7.0)
    builder (3.1.4)
    childprocess (0.3.8)
      ffi (~> 1.0, >= 1.0.11)
    cucumber (1.2.1)
      builder (>= 2.1.2)
      diff-lcs (>= 1.1.3)
      gherkin (~> 2.11.0)
      json (>= 1.4.6)
    diff-lcs (1.1.3)
    excon (0.16.10)
    ffi (1.4.0)
    fog (1.10.0)
      builder
      excon (~> 0.14)
      formatador (~> 0.2.0)
      mime-types
      multi_json (~> 1.0)
      net-scp (~> 1.1)
      net-ssh (>= 2.1.3)
      nokogiri (~> 1.5.0)
      ruby-hmac
    formatador (0.2.4)
    gherkin (2.11.6)
      json (>= 1.7.6)
    highline (1.6.15)
    json (1.7.7)
    mime-types (1.19)
    multi_json (1.5.0)
    net-scp (1.1.0)
      net-ssh (>= 2.6.5)
    net-ssh (2.6.6)
    nokogiri (1.5.6)
    rake (10.0.3)
    rdoc (3.12.1)
      json (~> 1.4)
    rspec-expectations (2.12.1)
      diff-lcs (~> 1.1.3)
    ruby-hmac (0.4.0)
    thor (0.17.0)

PLATFORMS
  ruby

DEPENDENCIES
  aruba
  awscli!
  rake
  rdoc
